GIT
  remote: https://github.com/lian/bitcoin-ruby
  revision: 443157f9d96e94de05244d5b27abfc32e67cbba4
  branch: master
  specs:
    bitcoin-ruby (0.0.11)

GEM
  remote: https://rubygems.org/
  specs:
    byebug (9.0.6)
    coderay (1.1.1)
    domain_name (0.5.20170404)
      unf (>= 0.0.5, < 1.0.0)
    dotenv (2.2.1)
    ffi (1.9.18)
    http-cookie (1.0.3)
      domain_name (~> 0.5)
    httpclient (2.8.3)
    json (1.8.1)
    leb128 (1.0.0)
    method_source (0.8.2)
    mime-types (2.99.3)
    netrc (0.11.0)
    openassets-ruby (0.6.5)
      bitcoin-ruby (~> 0.0.11)
      ffi (~> 1.9.8)
      httpclient
      leb128 (~> 1.0.0)
      rest-client (~> 1.8.0)
      sqlite3
    pry (0.10.4)
      coderay (~> 1.1.0)
      method_source (~> 0.8.1)
      slop (~> 3.4)
    pry-byebug (3.4.2)
      byebug (~> 9.0)
      pry (~> 0.10)
    rest-client (1.8.0)
      http-cookie (>= 1.0.2, < 2.0)
      mime-types (>= 1.16, < 3.0)
      netrc (~> 0.7)
    slop (3.6.0)
    sqlite3 (1.3.13)
    unf (0.1.4)
      unf_ext
    unf_ext (0.0.7.4)

PLATFORMS
  ruby

DEPENDENCIES
  bitcoin-ruby!
  dotenv
  json
  openassets-ruby
  pry-byebug

BUNDLED WITH
   1.13.3
